GEM
  remote: http://rubygems.org/
  specs:
    appraisal (1.0.3)
      bundler
      rake
      thor (>= 0.14.0)
    rake (10.4.2)
    thor (0.19.1)

PLATFORMS
  ruby

DEPENDENCIES
  appraisal
  bundler
